GEM
  remote: https://rubygems.org/
  specs:
    coderay (1.1.1)
    coffee-script (2.4.1)
      coffee-script-source
      execjs
    coffee-script-source (1.12.2)
    cssmin (1.0.3)
    em-websocket (0.5.1)
      eventmachine (>= 0.12.9)
      http_parser.rb (~> 0.6.0)
    eventmachine (1.2.3)
    execjs (2.7.0)
    ffi (1.9.18)
    formatador (0.2.5)
    guard (2.14.1)
      formatador (>= 0.2.4)
      listen (>= 2.7, < 4.0)
      lumberjack (~> 1.0)
      nenv (~> 0.1)
      notiffany (~> 0.0)
      pry (>= 0.9.12)
      shellany (~> 0.0)
      thor (>= 0.18.1)
    guard-coffeescript (2.0.1)
      coffee-script (>= 2.2.0)
      guard (>= 2.1.0)
      guard-compat (~> 1.1)
    guard-compat (1.2.1)
    guard-copy (0.5.1)
      guard (~> 2.0)
    guard-jammit (1.1.0)
      guard (~> 2.12)
      guard-compat (~> 1.2)
      jammit
    guard-livereload (2.5.2)
      em-websocket (~> 0.5)
      guard (~> 2.8)
      guard-compat (~> 1.0)
      multi_json (~> 1.8)
    guard-sass (1.6.1)
      guard (>= 2.8.0)
      sass (>= 3.1)
    httmultiparty (0.3.16)
      httparty (>= 0.7.3)
      mimemagic
      multipart-post
    http_parser.rb (0.6.0)
    httparty (0.14.0)
      multi_xml (>= 0.5.2)
    jammit (0.7.0)
      cssmin (~> 1.0)
      jsmin (~> 1.0)
    jsmin (1.0.1)
    listen (3.0.8)
      rb-fsevent (~> 0.9, >= 0.9.4)
      rb-inotify (~> 0.9, >= 0.9.7)
    lumberjack (1.0.11)
    method_source (0.8.2)
    mimemagic (0.3.2)
    multi_json (1.12.1)
    multi_xml (0.6.0)
    multipart-post (2.0.0)
    nenv (0.3.0)
    notiffany (0.1.1)
      nenv (~> 0.1)
      shellany (~> 0.0)
    pry (0.10.4)
      coderay (~> 1.1.0)
      method_source (~> 0.8.1)
      slop (~> 3.4)
    psych (2.2.4)
    rack (1.6.5)
    rb-fsevent (0.9.8)
    rb-inotify (0.9.8)
      ffi (>= 0.5.0)
    sass (3.4.23)
    shellany (0.0.1)
    siteleaf (1.0.8)
      httmultiparty (>= 0.3.13)
      httparty (>= 0.13.3)
      psych (>= 2.0.17)
      rack
    slop (3.6.0)
    thor (0.19.4)

PLATFORMS
  ruby

DEPENDENCIES
  guard
  guard-coffeescript
  guard-copy
  guard-jammit
  guard-livereload
  guard-sass
  siteleaf

BUNDLED WITH
   1.14.6
